GIT
  remote: /home/donp/code/cointhink/heisencoin
  revision: 6ddb73c6a436648c3c32c345209bf6751066a30c
  specs:
    heisencoin (0.0.1)

GEM
  remote: https://rubygems.org/
  specs:
    httparty (0.11.0)
      multi_json (~> 1.0)
      multi_xml (>= 0.5.2)
    multi_json (1.8.0)
    multi_xml (0.5.5)
    redis (3.0.4)
    slop (3.4.6)

PLATFORMS
  ruby

DEPENDENCIES
  heisencoin!
  httparty
  redis
  slop
