GEM
  remote: https://rubygems.org/
  specs:
    ffi (1.9.0)
    httparty (0.11.0)
      multi_json (~> 1.0)
      multi_xml (>= 0.5.2)
    multi_json (1.7.9)
    multi_xml (0.5.5)
    nn-core (0.1.6)
      ffi

PLATFORMS
  ruby

DEPENDENCIES
  httparty
  nn-core
