GEM
  remote: https://rubygems.org/
  specs:
    celluloid (0.14.1)
      timers (>= 1.0.0)
    timers (1.1.0)

PLATFORMS
  ruby

DEPENDENCIES
  celluloid
