GIT
  remote: /home/donp/code/cointhink/heisencoin
  revision: 9553119e4d84aa222c6ad76fbd611667f2580ddb
  specs:
    heisencoin (0.0.2)

GEM
  remote: https://rubygems.org/
  specs:
    httparty (0.11.0)
      multi_json (~> 1.0)
      multi_xml (>= 0.5.2)
    multi_json (1.8.0)
    multi_xml (0.5.5)
    redis (3.0.4)
    slop (3.4.6)

PLATFORMS
  ruby

DEPENDENCIES
  heisencoin!
  httparty
  redis
  slop
