GIT
  remote: /home/donp/code/cointhink/heisencoin
  revision: 1bef6b893c6c74de536c60c57c55278295f8e4e1
  specs:
    heisencoin (0.0.1)

GEM
  remote: https://rubygems.org/
  specs:
    httparty (0.11.0)
      multi_json (~> 1.0)
      multi_xml (>= 0.5.2)
    multi_json (1.8.0)
    multi_xml (0.5.5)
    redis (3.0.4)
    slop (3.4.6)

PLATFORMS
  ruby

DEPENDENCIES
  heisencoin!
  httparty
  redis
  slop
