GIT
  remote: /home/donp/code/cointhink/heisencoin
  revision: ea803af6f4608f9c30b706d106c2053e943e8510
  specs:
    heisencoin (0.0.4)

GEM
  remote: https://rubygems.org/
  specs:
    httparty (0.11.0)
      multi_json (~> 1.0)
      multi_xml (>= 0.5.2)
    multi_json (1.8.0)
    multi_xml (0.5.5)
    redis (3.0.4)
    slop (3.4.6)

PLATFORMS
  ruby

DEPENDENCIES
  heisencoin!
  httparty
  redis
  slop
